GEM
  remote: http://rubygems.org/
  specs:
    activesupport (4.0.0)
      i18n (~> 0.6, >= 0.6.4)
      minitest (~> 4.2)
      multi_json (~> 1.3)
      thread_safe (~> 0.1)
      tzinfo (~> 0.3.37)
    atomic (1.1.13)
    aws-s3 (0.6.3)
      builder
      mime-types
      xml-simple
    beanstalk-client (1.1.1)
    builder (3.2.2)
    haml (4.0.3)
      tilt
    i18n (0.6.5)
    json_pure (1.8.0)
    mime-types (1.25)
    minitest (4.7.5)
    multi_json (1.7.9)
    rack (1.5.2)
    rack-protection (1.5.0)
      rack
    rmagick (2.13.2)
    sinatra (1.4.3)
      rack (~> 1.4)
      rack-protection (~> 1.4)
      tilt (~> 1.3, >= 1.3.4)
    stalker (0.9.0)
      beanstalk-client
      json_pure
    thread_safe (0.1.2)
      atomic
    tilt (1.4.1)
    tzinfo (0.3.37)
    xml-simple (1.1.2)

PLATFORMS
  ruby

DEPENDENCIES
  activesupport
  aws-s3
  haml
  i18n
  rmagick
  sinatra
  stalker
