GEM
  remote: http://rubygems.org/
  specs:
    highline (1.6.14)
    httparty (0.8.2)
      multi_json
      multi_xml
    multi_json (1.3.6)
    multi_xml (0.5.1)
    romans (0.1.0)
    tvdb_party (0.6.2)
      httparty (>= 0.6.1)

PLATFORMS
  ruby

DEPENDENCIES
  highline
  httparty (= 0.8.2)
  romans
  tvdb_party
