GEM
  remote: http://rubygems.org/
  specs:
    curb (0.8.3)
    faraday (0.8.5)
      multipart-post (~> 1.1)
    libxml-ruby (2.5.0)
    multipart-post (1.1.5)
    nokogiri (1.5.6)
    patron (0.4.18)
    php-serialization (0.5.3)
      racc
    php-serialize (1.1.0)
    racc (1.4.9)

PLATFORMS
  ruby

DEPENDENCIES
  curb
  faraday
  libxml-ruby
  nokogiri
  patron
  php-serialization
  php-serialize
